GEM
  remote: http://rubygems.org/
  specs:
    activemodel (3.0.5)
      activesupport (= 3.0.5)
      builder (~> 2.1.2)
      i18n (~> 0.4)
    activesupport (3.0.5)
    bson (1.2.4)
    bson_ext (1.2.4)
    builder (2.1.2)
    curb (0.7.12)
    dalli (1.0.2)
    haml (3.0.25)
    hashie (1.0.0)
    i18n (0.5.0)
    json (1.4.6)
    mongo (1.2.4)
      bson (>= 1.2.4)
    mongoid (2.0.0.rc.7)
      activemodel (~> 3.0)
      mongo (~> 1.2)
      tzinfo (~> 0.3.22)
      will_paginate (~> 3.0.pre)
    rack (1.2.2)
    sinatra (1.2.1)
      rack (~> 1.1)
      tilt (< 2.0, >= 1.2.2)
    tilt (1.2.2)
    tzinfo (0.3.24)
    will_paginate (3.0.pre2)
    zoopla (0.2.3)
      curb (~> 0.7.12)
      hashie (~> 1.0.0)
      json (~> 1.4.3)

PLATFORMS
  ruby

DEPENDENCIES
  bson_ext
  bundler
  dalli
  haml
  mongoid
  sinatra
  zoopla
